PATH
  remote: .
  specs:
    feep (0.0.2)
      os (~> 0.9, >= 0.9.6)
      wavefile (= 0.6.0)

GEM
  remote: https://rubygems.org/
  specs:
    byebug (3.5.1)
      columnize (~> 0.8)
      debugger-linecache (~> 1.2)
      slop (~> 3.6)
    coderay (1.1.0)
    columnize (0.9.0)
    debugger-linecache (1.2.0)
    diff-lcs (1.2.5)
    method_source (0.8.2)
    os (0.9.6)
    pry (0.10.1)
      coderay (~> 1.1.0)
      method_source (~> 0.8.1)
      slop (~> 3.4)
    pry (0.10.1-x64-mingw32)
      coderay (~> 1.1.0)
      method_source (~> 0.8.1)
      slop (~> 3.4)
      win32console (~> 1.3)
    pry-byebug (3.0.1)
      byebug (~> 3.4)
      pry (~> 0.10)
    rake (10.4.2)
    rspec (3.2.0)
      rspec-core (~> 3.2.0)
      rspec-expectations (~> 3.2.0)
      rspec-mocks (~> 3.2.0)
    rspec-core (3.2.1)
      rspec-support (~> 3.2.0)
    rspec-expectations (3.2.0)
      diff-lcs (>= 1.2.0, < 2.0)
      rspec-support (~> 3.2.0)
    rspec-mocks (3.2.1)
      diff-lcs (>= 1.2.0, < 2.0)
      rspec-support (~> 3.2.0)
    rspec-support (3.2.2)
    slop (3.6.0)
    wavefile (0.6.0)
    win32console (1.3.2)

PLATFORMS
  ruby
  x64-mingw32

DEPENDENCIES
  bundler (~> 1.8)
  feep!
  pry-byebug (~> 3.0)
  rake (~> 10.0)
  rspec (>= 3.0)
